GEM
  remote: https://rubygems.org/
  specs:
    dalli (2.7.6)
    dotenv (0.11.1)
      dotenv-deployment (~> 0.0.2)
    dotenv-deployment (0.0.2)
    ethon (0.7.0)
      ffi (>= 1.3.0)
    faraday (0.9.0)
      multipart-post (>= 1.2, < 3)
    ffi (1.9.3)
    multipart-post (2.0.0)
    newrelic_rpm (4.6.0.338)
    puma (2.6.0)
      rack (>= 1.1, < 2.0)
    rack (1.6.8)
    rack-cache (1.2)
      rack (>= 0.4)
    rack-protection (1.5.3)
      rack
    sinatra (1.4.8)
      rack (~> 1.5)
      rack-protection (~> 1.4)
      tilt (>= 1.3, < 3)
    tilt (2.0.8)
    typhoeus (0.6.8)
      ethon (>= 0.7.0)

PLATFORMS
  ruby

DEPENDENCIES
  dalli
  dotenv
  faraday (~> 0.9.0)
  newrelic_rpm
  puma (~> 2.6.0)
  rack-cache
  sinatra (~> 1.4.8)
  typhoeus (~> 0.6.8)

RUBY VERSION
   ruby 2.4.2p198

BUNDLED WITH
   1.16.0
